PATH
  remote: ./vendor/gems/connfu
  specs:
    connfu (0.0.3)
      blather (= 0.5.3)
      resque (= 1.17.1)

GEM
  remote: http://rubygems.org/
  specs:
    activesupport (3.0.9)
    blather (0.5.3)
      activesupport (>= 3.0.7)
      eventmachine (~> 0.12.6)
      minitest (>= 1.7.1)
      niceogiri (>= 0.0.4)
      nokogiri (>= 1.4.0)
    eventmachine (0.12.10)
    json (1.5.3)
    minitest (2.3.1)
    niceogiri (0.0.4)
      nokogiri (>= 1.4.0)
    nokogiri (1.5.0)
    rack (1.3.1)
    redis (2.2.1)
    redis-namespace (1.0.3)
      redis (< 3.0.0)
    resque (1.17.1)
      json (< 1.6, >= 1.4.6)
      redis-namespace (~> 1.0.2)
      sinatra (>= 0.9.2)
      vegas (~> 0.1.2)
    sinatra (1.2.6)
      rack (~> 1.1)
      tilt (< 2.0, >= 1.2.2)
    tilt (1.3.2)
    vegas (0.1.8)
      rack (>= 1.0.0)

PLATFORMS
  ruby

DEPENDENCIES
  blather (= 0.5.3)
  connfu!
  minitest (= 2.3.1)
  niceogiri (= 0.0.4)
  nokogiri (= 1.5.0)
  resque (= 1.17.1)
  sinatra
